NUGET
  remote: https://www.nuget.org/api/v2
    doboz4net (1.0.1) - restriction: >= net40
    FAKE (4.8)
    lz4net (1.0.9.93) - restriction: >= net40
    ManyConsole (0.4.2.17) - restriction: >= net40
      NDesk.Options (>= 0.2)
    Mono.Cecil (0.11.5) - restriction: >= net40
    NDesk.Options (0.2.1) - restriction: >= net40
    NLog (4.1.2) - restriction: >= net40
